GEM
  remote: https://rubygems.org/
  specs:
    addressable (2.8.0)
      public_suffix (>= 2.0.2, < 5.0)
    mini_portile2 (2.8.8)
    nokogiri (1.18.4)
      mini_portile2 (~> 2.8.2)
      racc (~> 1.4)
    open_uri_redirections (0.2.1)
    public_suffix (4.0.6)
    racc (1.8.1)

PLATFORMS
  ruby

DEPENDENCIES
  addressable (~> 2.8)
  nokogiri
  open_uri_redirections

BUNDLED WITH
   2.1.4
